GIT
  remote: git@bitbucket.org:wishartlab/admin-mailer
  revision: 77556ba7fee983381a1d7a8548a544ae30f0c06f
  specs:
    admin_mailer (1.0.3)
      mail

GIT
  remote: git@bitbucket.org:wishartlab/biosummarizer
  revision: 3c78dc05e1a72df9e3005f4a40527c89c31a7221
  specs:
    bioSummarizer (0.1.1)

GIT
  remote: git@bitbucket.org:wishartlab/chemosummarizer.git
  revision: fe49aa2e6634afecb3fc9389f476ec2e8e8dc074
  specs:
    chemoSummarizer (1.1.0.3)
      activesupport (>= 3.0.0)
      awesome_print
      bio
      bio-isoelectric_point
      capybara
      crack
      dalli (~> 2.6.0)
      gsl
      guard-rspec
      hpricot
      htmlentities
      httpclient
      i18n
      kmeans-clusterer
      mechanize (~> 2.7, >= 2.7.4)
      metbuilder
      nokogiri (>= 1.6.1)
      parallel
      poltergeist
      pragmatic_segmenter
      require_all (~> 1.3.1)
      rest-client
      savon (~> 2.5.1)
      scalpel
      similar_text (~> 0.0.4)
      similarity
      similarity-NS
      sqlite3 (~> 1.3, >= 1.3.11)
      synonym_cleaner
      trollop
      wikipedia-client

GIT
  remote: git@bitbucket.org:wishartlab/cite_this
  revision: 1ba40770e6aa6deaee85662104147517b00c92e2
  specs:
    cite_this (3.5.4)
      faraday (>= 0.9.0)
      faraday_middleware
      httpclient
      nokogiri
      rails (>= 4.0.2)
      slim
      wishart (>= 1.0.0)

GIT
  remote: git@bitbucket.org:wishartlab/datawrangler.git
  revision: d2ff4c5f1cb786a4ee73aaf641cd91736818343f
  specs:
    data-wrangler (4.8.0.4)
      activesupport (>= 3.0.0)
      bio
      bio-isoelectric_point
      crack
      dalli (~> 2.6.0)
      hpricot
      htmlentities
      httpclient
      i18n
      libxml-ruby (>= 2.7.0)
      mechanize (~> 2.7, >= 2.7.4)
      nokogiri (>= 1.6.1)
      parallel
      require_all (~> 1.3.1)
      rest-client
      savon (~> 2.5.1)
      similar_text
      similarity
      wikipedia-client

GIT
  remote: git@bitbucket.org:wishartlab/elf
  revision: e85dde5388d934f54233b17348a8882c00dc0228
  specs:
    elf (0.2.0)
      bootstrap
      bootstrap-kaminari-views
      slim

GIT
  remote: git@bitbucket.org:wishartlab/metbuilder.git
  revision: e626c05a5228aaabae4353f3450aa2df36b5698f
  branch: master
  specs:
    metbuilder (1.1.3)

GIT
  remote: git@bitbucket.org:wishartlab/moldbi
  revision: c924cfa38bd1b73f5f429d40a003be9ae4ad1bca
  branch: markerdb
  specs:
    moldbi (7.6.2)
      bootstrap-sass
      her
      progress_bar
      slim
      wishart (>= 3.3.0)

GIT
  remote: git@bitbucket.org:wishartlab/seqsearch
  revision: d60ea95bac404d814491d3506255db3fb07df1e1
  specs:
    seq_search (2.2.3)
      bio
      bootstrap-kaminari-views
      bootstrap-sass
      kaminari
      rails (>= 3.1.0)
      slim-rails
      wishart

GIT
  remote: git@bitbucket.org:wishartlab/similarity-ns.git
  revision: 0c9fad4712a7a7ad9a29a7899a9e14b739953c99
  specs:
    similarity-NS (0.0.1)
      rb-gsl (>= 1.16.0)

GIT
  remote: git@bitbucket.org:wishartlab/syncfast.git
  revision: 1e2d80fc9f0f447ca6a96b3f7238efc504a6d672
  specs:
    syncfast (1.0.6)
      highline
      net-ssh

GIT
  remote: git@bitbucket.org:wishartlab/synonym-cleaner.git
  revision: 78d63e9e3459a3f4d89aebb58c3b2759e15c4b39
  specs:
    synonym_cleaner (1.2.0)
      progress_bar

GIT
  remote: git@bitbucket.org:wishartlab/tmic_banner
  revision: 3f0ec3a66fa37b36e18516d79daefac229ac2078
  branch: wishart_node
  specs:
    tmic_banner (1.1.2)
      rails (~> 4.2.1)

GIT
  remote: git@bitbucket.org:wishartlab/unearth
  revision: bb7a4f2b1dca706a037fb257792fb1f2317cc18d
  branch: markerdb
  specs:
    unearth (7.5.4)
      admin_mailer
      elasticsearch
      hashie
      kaminari
      parallel
      patron
      rails (~> 4.2.0)
      responders (~> 2.0)
      ruby-progressbar
      sidekiq
      wishart

GIT
  remote: git@bitbucket.org:wishartlab/wishart
  revision: 6c0137931c303c1b23911187002cf23d1c185e0e
  specs:
    wishart (3.6.18)
      autoprefixer-rails
      bootstrap-kaminari-views
      bootstrap-sass (~> 3.3.0)
      browser (~> 0.8.0)
      favicon_maker
      jquery-turbolinks
      rails (~> 4.2.0)
      rubyzip (>= 1.0.0)
      slim-rails

GEM
  remote: https://rubygems.org/
  specs:
    actionmailer (4.2.11.3)
      actionpack (= 4.2.11.3)
      actionview (= 4.2.11.3)
      activejob (= 4.2.11.3)
      mail (~> 2.5, >= 2.5.4)
      rails-dom-testing (~> 1.0, >= 1.0.5)
    actionpack (4.2.11.3)
      actionview (= 4.2.11.3)
      activesupport (= 4.2.11.3)
      rack (~> 1.6)
      rack-test (~> 0.6.2)
      rails-dom-testing (~> 1.0, >= 1.0.5)
      rails-html-sanitizer (~> 1.0, >= 1.0.2)
    actionview (4.2.11.3)
      activesupport (= 4.2.11.3)
      builder (~> 3.1)
      erubis (~> 2.7.0)
      rails-dom-testing (~> 1.0, >= 1.0.5)
      rails-html-sanitizer (~> 1.0, >= 1.0.3)
    activeadmin (1.0.0)
      arbre (>= 1.1.1)
      bourbon
      coffee-rails
      formtastic (~> 3.1)
      formtastic_i18n
      inherited_resources (~> 1.7)
      jquery-rails
      jquery-ui-rails
      kaminari (>= 0.15, < 2.0)
      railties (>= 4.2, < 5.2)
      ransack (~> 1.3)
      sass-rails
      sprockets (< 4.1)
    activejob (4.2.11.3)
      activesupport (= 4.2.11.3)
      globalid (>= 0.3.0)
    activemodel (4.2.11.3)
      activesupport (= 4.2.11.3)
      builder (~> 3.1)
    activerecord (4.2.11.3)
      activemodel (= 4.2.11.3)
      activesupport (= 4.2.11.3)
      arel (~> 6.0)
    activerecord-import (1.0.6)
      activerecord (>= 3.2)
    activesupport (4.2.11.3)
      i18n (~> 0.7)
      minitest (~> 5.1)
      thread_safe (~> 0.3, >= 0.3.4)
      tzinfo (~> 1.1)
    addressable (2.7.0)
      public_suffix (>= 2.0.2, < 5.0)
    airbrussh (1.4.0)
      sshkit (>= 1.6.1, != 1.7.0)
    akami (1.2.2)
      gyoku (>= 0.4.0)
      nokogiri
    appsignal (2.11.0)
      rack
    arbre (1.2.1)
      activesupport (>= 3.0.0)
    arel (6.0.4)
    autoprefixer-rails (9.8.6)
      execjs
    awesome_print (1.8.0)
    axiom-types (0.1.1)
      descendants_tracker (~> 0.0.4)
      ice_nine (~> 0.11.0)
      thread_safe (~> 0.3, >= 0.3.1)
    better_errors (2.7.1)
      coderay (>= 1.0.0)
      erubi (>= 1.0.0)
      rack (>= 0.9.0)
    binding_of_caller (0.8.0)
      debug_inspector (>= 0.0.1)
    bio (2.0.1)
    bio-isoelectric_point (0.1.3)
    birch (0.1.1)
    bootstrap (4.1.3)
      autoprefixer-rails (>= 6.0.3)
      popper_js (>= 1.12.9, < 2)
      sass (>= 3.5.2)
    bootstrap-kaminari-views (0.0.5)
      kaminari (>= 0.13)
      rails (>= 3.1)
    bootstrap-sass (3.3.7)
      autoprefixer-rails (>= 5.2.1)
      sass (>= 3.3.4)
    bourbon (7.0.0)
      thor (~> 1.0)
    browser (0.8.0)
    builder (3.2.4)
    cancan (1.6.10)
    capistrano (3.14.1)
      airbrussh (>= 1.0.0)
      i18n
      rake (>= 10.0.0)
      sshkit (>= 1.9.0)
    capistrano-bundler (2.0.1)
      capistrano (~> 3.1)
    capistrano-rails (1.6.1)
      capistrano (~> 3.1)
      capistrano-bundler (>= 1.1, < 3)
    capybara (3.15.1)
      addressable
      mini_mime (>= 0.1.3)
      nokogiri (~> 1.8)
      rack (>= 1.6.0)
      rack-test (>= 0.6.3)
      regexp_parser (~> 1.2)
      xpath (~> 3.2)
    chronic (0.10.2)
    climate_control (0.2.0)
    cliver (0.3.2)
    coderay (1.1.3)
    coercible (1.0.0)
      descendants_tracker (~> 0.0.1)
    coffee-rails (4.0.1)
      coffee-script (>= 2.2.0)
      railties (>= 4.0.0, < 5.0)
    coffee-script (2.4.1)
      coffee-script-source
      execjs
    coffee-script-source (1.12.2)
    concurrent-ruby (1.1.7)
    connection_pool (2.2.3)
    crack (0.4.3)
      safe_yaml (~> 1.0.0)
    crass (1.0.6)
    dalli (2.6.4)
    debug_inspector (0.0.3)
    descendants_tracker (0.0.4)
      thread_safe (~> 0.3, >= 0.3.1)
    diff-lcs (1.4.4)
    docile (1.3.2)
    domain_name (0.5.20190701)
      unf (>= 0.0.5, < 1.0.0)
    elasticsearch (7.5.0)
      elasticsearch-api (= 7.5.0)
      elasticsearch-transport (= 7.5.0)
    elasticsearch-api (7.5.0)
      multi_json
    elasticsearch-transport (7.5.0)
      faraday (>= 0.14, < 1)
      multi_json
    engtagger (0.2.1)
    equalizer (0.0.11)
    erubi (1.9.0)
    erubis (2.7.0)
    execjs (2.7.0)
    facter (4.0.34)
      hocon (~> 1.3)
      thor (>= 1.0.1, < 2.0)
    factory_girl (4.9.0)
      activesupport (>= 3.0.0)
    factory_girl_rails (4.9.0)
      factory_girl (~> 4.9.0)
      railties (>= 3.0.0)
    faraday (0.17.3)
      multipart-post (>= 1.2, < 3)
    faraday_middleware (0.14.0)
      faraday (>= 0.7.4, < 1.0)
    favicon_maker (1.3.1)
      docile (~> 1.1)
    ffi (1.15.5)
    ffi-compiler (1.0.1)
      ffi (>= 1.0.0)
      rake
    formatador (0.2.5)
    formtastic (3.1.5)
      actionpack (>= 3.2.13)
    formtastic_i18n (0.6.0)
    get_process_mem (0.2.7)
      ffi (~> 1.0)
    globalid (0.4.2)
      activesupport (>= 4.2.0)
    google-analytics-rails (1.1.1)
    grape (1.2.5)
      activesupport
      builder
      mustermann-grape (~> 1.0.0)
      rack (>= 1.3.0)
      rack-accept
      virtus (>= 1.0.0)
    gsl (2.1.0.3)
    guard (2.16.2)
      formatador (>= 0.2.4)
      listen (>= 2.7, < 4.0)
      lumberjack (>= 1.0.12, < 2.0)
      nenv (~> 0.1)
      notiffany (~> 0.0)
      pry (>= 0.9.12)
      shellany (~> 0.0)
      thor (>= 0.18.1)
    guard-compat (1.2.1)
    guard-minitest (2.4.6)
      guard-compat (~> 1.2)
      minitest (>= 3.0)
    guard-rails (0.8.1)
      guard (~> 2.11)
      guard-compat (~> 1.0)
    guard-rspec (4.7.3)
      guard (~> 2.1)
      guard-compat (~> 1.1)
      rspec (>= 2.99.0, < 4.0)
    gyoku (1.1.1)
      builder (>= 2.1.2)
    has_scope (0.7.2)
      actionpack (>= 4.1)
      activesupport (>= 4.1)
    hashie (3.3.2)
    her (1.1.0)
      activemodel (>= 4.2.1)
      faraday (>= 0.8, < 1.0)
      multi_json (~> 1.7)
    highline (2.0.3)
    hocon (1.3.1)
    hpricot (0.8.6)
    htmlentities (4.3.4)
    http (4.4.1)
      addressable (~> 2.3)
      http-cookie (~> 1.0)
      http-form_data (~> 2.2)
      http-parser (~> 1.2.0)
    http-accept (1.7.0)
    http-cookie (1.0.3)
      domain_name (~> 0.5)
    http-form_data (2.3.0)
    http-parser (1.2.3)
      ffi-compiler (>= 1.0, < 2.0)
    httpclient (2.8.3)
    httpi (2.1.1)
      rack
      rubyntlm (~> 0.3.2)
    i18n (0.9.5)
      concurrent-ruby (~> 1.0)
    ice_nine (0.11.2)
    inherited_resources (1.9.0)
      actionpack (>= 4.2, < 5.3)
      has_scope (~> 0.6)
      railties (>= 4.2, < 5.3)
      responders
    jbuilder (2.9.1)
      activesupport (>= 4.2.0)
    jquery-rails (4.4.0)
      rails-dom-testing (>= 1, < 3)
      railties (>= 4.2.0)
      thor (>= 0.14, < 2.0)
    jquery-turbolinks (2.1.0)
      railties (>= 3.1.0)
      turbolinks
    jquery-ui-rails (6.0.1)
      railties (>= 3.2.16)
    kaminari (1.2.1)
      activesupport (>= 4.1.0)
      kaminari-actionview (= 1.2.1)
      kaminari-activerecord (= 1.2.1)
      kaminari-core (= 1.2.1)
    kaminari-actionview (1.2.1)
      actionview
      kaminari-core (= 1.2.1)
    kaminari-activerecord (1.2.1)
      activerecord
      kaminari-core (= 1.2.1)
    kaminari-core (1.2.1)
    kmeans-clusterer (0.11.4)
      narray (~> 0.6)
    libv8 (6.3.292.48.1)
    libv8 (6.3.292.48.1-x86_64-darwin-17)
    libxml-ruby (3.1.0)
    listen (3.2.1)
      rb-fsevent (~> 0.10, >= 0.10.3)
      rb-inotify (~> 0.9, >= 0.9.10)
    loofah (2.7.0)
      crass (~> 1.0.2)
      nokogiri (>= 1.5.9)
    lumberjack (1.2.7)
    macaddr (1.7.2)
      systemu (~> 2.6.5)
    mail (2.7.1)
      mini_mime (>= 0.1.1)
    mechanize (2.7.6)
      domain_name (~> 0.5, >= 0.5.1)
      http-cookie (~> 1.0)
      mime-types (>= 1.17.2)
      net-http-digest_auth (~> 1.1, >= 1.1.1)
      net-http-persistent (>= 2.5.2)
      nokogiri (~> 1.6)
      ntlm-http (~> 0.1, >= 0.1.1)
      webrobots (>= 0.0.9, < 0.2)
    method_source (1.0.0)
    mime-types (3.3.1)
      mime-types-data (~> 3.2015)
    mime-types-data (3.2020.0512)
    mimemagic (0.3.10)
      nokogiri (~> 1)
      rake
    mini_mime (1.0.2)
    mini_portile2 (2.4.0)
    mini_racer (0.2.4)
      libv8 (>= 6.3)
    minitest (5.14.2)
    minitest-rails (2.2.1)
      minitest (~> 5.7)
      railties (~> 4.1)
    mocha (1.11.2)
    multi_json (1.15.0)
    multipart-post (2.1.1)
    mustermann (1.1.1)
      ruby2_keywords (~> 0.0.1)
    mustermann-grape (1.0.1)
      mustermann (>= 1.0.0)
    mysql2 (0.4.10)
    narray (0.6.1.2)
    nenv (0.3.0)
    net-http-digest_auth (1.4.1)
    net-http-persistent (4.0.0)
      connection_pool (~> 2.2)
    net-scp (3.0.0)
      net-ssh (>= 2.6.5, < 7.0.0)
    net-ssh (6.1.0)
    netrc (0.11.0)
    nio4r (2.5.2)
    nokogiri (1.10.10)
      mini_portile2 (~> 2.4.0)
    nori (2.4.0)
    notiffany (0.1.3)
      nenv (~> 0.1)
      shellany (~> 0.0)
    ntlm-http (0.1.1)
    options (2.3.2)
    paperclip (6.1.0)
      activemodel (>= 4.2.0)
      activesupport (>= 4.2.0)
      mime-types
      mimemagic (~> 0.3.0)
      terrapin (~> 0.6.0)
    parallel (1.19.2)
    patron (0.13.3)
    poltergeist (1.18.1)
      capybara (>= 2.1, < 4)
      cliver (~> 0.3.1)
      websocket-driver (>= 0.2.0)
    popper_js (1.16.0)
    pragmatic_segmenter (0.3.22)
      unicode
    progress_bar (1.3.1)
      highline (>= 1.6, < 3)
      options (~> 2.3.0)
    progressbar (1.10.1)
    pry (0.13.1)
      coderay (~> 1.1)
      method_source (~> 1.0)
    public_suffix (4.0.5)
    puma (4.3.6)
      nio4r (~> 2.0)
    puma_worker_killer (0.3.1)
      get_process_mem (~> 0.2)
      puma (>= 2.7)
    quiet_assets (1.1.0)
      railties (>= 3.1, < 5.0)
    rack (1.6.13)
    rack-accept (0.4.5)
      rack (>= 0.4)
    rack-protection (2.2.4)
      rack
    rack-test (0.6.3)
      rack (>= 1.0)
    rails (4.2.11.3)
      actionmailer (= 4.2.11.3)
      actionpack (= 4.2.11.3)
      actionview (= 4.2.11.3)
      activejob (= 4.2.11.3)
      activemodel (= 4.2.11.3)
      activerecord (= 4.2.11.3)
      activesupport (= 4.2.11.3)
      bundler (>= 1.3.0, < 2.0)
      railties (= 4.2.11.3)
      sprockets-rails
    rails-deprecated_sanitizer (1.0.3)
      activesupport (>= 4.2.0.alpha)
    rails-dom-testing (1.0.9)
      activesupport (>= 4.2.0, < 5.0)
      nokogiri (~> 1.6)
      rails-deprecated_sanitizer (>= 1.0.1)
    rails-html-sanitizer (1.3.0)
      loofah (~> 2.3)
    railties (4.2.11.3)
      actionpack (= 4.2.11.3)
      activesupport (= 4.2.11.3)
      rake (>= 0.8.7)
      thor (>= 0.18.1, < 2.0)
    rake (13.0.1)
    ransack (1.8.10)
      actionpack (>= 3.0, < 5.2)
      activerecord (>= 3.0, < 5.2)
      activesupport (>= 3.0, < 5.2)
      i18n
    rb-fchange (0.0.6)
      ffi
    rb-fsevent (0.10.4)
    rb-gsl (1.16.0.6)
      gsl
    rb-inotify (0.10.1)
      ffi (~> 1.0)
    redis (4.2.2)
    redis-actionpack (5.1.0)
      actionpack (>= 4.0, < 7)
      redis-rack (>= 1, < 3)
      redis-store (>= 1.1.0, < 2)
    redis-activesupport (5.2.0)
      activesupport (>= 3, < 7)
      redis-store (>= 1.3, < 2)
    redis-rack (2.0.6)
      rack (>= 1.5, < 3)
      redis-store (>= 1.2, < 2)
    redis-rails (5.0.2)
      redis-actionpack (>= 5.0, < 6)
      redis-activesupport (>= 5.0, < 6)
      redis-store (>= 1.2, < 2)
    redis-store (1.9.0)
      redis (>= 4, < 5)
    regexp_parser (1.7.1)
    require_all (1.3.3)
    responders (2.4.1)
      actionpack (>= 4.2.0, < 6.0)
      railties (>= 4.2.0, < 6.0)
    rest-client (2.1.0)
      http-accept (>= 1.7.0, < 2.0)
      http-cookie (>= 1.0.2, < 2.0)
      mime-types (>= 1.16, < 4.0)
      netrc (~> 0.8)
    rspec (3.9.0)
      rspec-core (~> 3.9.0)
      rspec-expectations (~> 3.9.0)
      rspec-mocks (~> 3.9.0)
    rspec-core (3.9.2)
      rspec-support (~> 3.9.3)
    rspec-expectations (3.9.2)
      diff-lcs (>= 1.2.0, < 2.0)
      rspec-support (~> 3.9.0)
    rspec-mocks (3.9.1)
      diff-lcs (>= 1.2.0, < 2.0)
      rspec-support (~> 3.9.0)
    rspec-support (3.9.3)
    ruby-progressbar (1.13.0)
    ruby2_keywords (0.0.2)
    rubyntlm (0.3.4)
    rubyzip (1.3.0)
    safe_yaml (1.0.5)
    sass (3.7.4)
      sass-listen (~> 4.0.0)
    sass-listen (4.0.0)
      rb-fsevent (~> 0.9, >= 0.9.4)
      rb-inotify (~> 0.9, >= 0.9.7)
    sass-rails (6.0.0)
      sassc-rails (~> 2.1, >= 2.1.1)
    sassc (2.4.0)
      ffi (~> 1.9)
    sassc-rails (2.1.2)
      railties (>= 4.0.0)
      sassc (>= 2.0)
      sprockets (> 3.0)
      sprockets-rails
      tilt
    savon (2.5.1)
      akami (~> 1.2.0)
      builder (>= 2.1.2)
      gyoku (~> 1.1.0)
      httpi (~> 2.1.0)
      nokogiri (>= 1.4.0)
      nori (~> 2.4.0)
      uuid (~> 2.3.7)
      wasabi (~> 3.3.0)
    scalpel (0.2.1)
    schiphol (0.9.4)
      progressbar (>= 0.10.0)
      rubyzip (>= 0.9.6.1)
    select2-rails (4.0.13)
    shellany (0.0.1)
    shoulda (4.0.0)
      shoulda-context (~> 2.0)
      shoulda-matchers (~> 4.0)
    shoulda-context (2.0.0)
    shoulda-matchers (4.0.1)
      activesupport (>= 4.2.0)
    sidekiq (5.2.8)
      connection_pool (~> 2.2, >= 2.2.2)
      rack (< 2.1.0)
      rack-protection (>= 1.5.0)
      redis (>= 3.3.5, < 5)
    similar_text (0.0.4)
    similarity (0.2.5)
      gsl
    slim (4.1.0)
      temple (>= 0.7.6, < 0.9)
      tilt (>= 2.0.6, < 2.1)
    slim-rails (3.2.0)
      actionpack (>= 3.1)
      railties (>= 3.1)
      slim (>= 3.0, < 5.0)
    spring (2.0.2)
      activesupport (>= 4.2)
    sprockets (3.7.2)
      concurrent-ruby (~> 1.0)
      rack (> 1, < 3)
    sprockets-rails (3.2.2)
      actionpack (>= 4.0)
      activesupport (>= 4.0)
      sprockets (>= 3.0.0)
    sqlite3 (1.4.2)
    sshkit (1.21.0)
      net-scp (>= 1.1.2)
      net-ssh (>= 2.8.0)
    string-similarity (2.1.0)
    systemu (2.6.5)
    temple (0.8.2)
    terminal-notifier-guard (1.7.0)
    terrapin (0.6.0)
      climate_control (>= 0.0.3, < 1.0)
    thor (1.0.1)
    thread_safe (0.3.6)
    tilt (2.0.10)
    treat (2.1.0)
      birch
      schiphol
      yomu
    trollop (2.9.10)
    turbolinks (5.2.1)
      turbolinks-source (~> 5.2)
    turbolinks-source (5.2.0)
    tzinfo (1.2.7)
      thread_safe (~> 0.1)
    uglifier (4.2.0)
      execjs (>= 0.3.0, < 3)
    unf (0.1.4)
      unf_ext
    unf_ext (0.0.7.7)
    unicode (0.4.4.4)
    uuid (2.3.9)
      macaddr (~> 1.0)
    virtus (1.0.5)
      axiom-types (~> 0.1)
      coercible (~> 1.0)
      descendants_tracker (~> 0.0, >= 0.0.3)
      equalizer (~> 0.0, >= 0.0.9)
    wasabi (3.3.1)
      httpi (~> 2.0)
      nokogiri (>= 1.4.0)
    webrat (0.7.3)
      nokogiri (>= 1.2.0)
      rack (>= 1.0)
      rack-test (>= 0.5.3)
    webrobots (0.1.2)
    websocket-driver (0.7.3)
      websocket-extensions (>= 0.1.0)
    websocket-extensions (0.1.5)
    whenever (1.0.0)
      chronic (>= 0.6.3)
    wikipedia-client (1.10.0)
    will_paginate (3.3.0)
    xpath (3.2.0)
      nokogiri (~> 1.8)
    yomu (0.1.5)
    zip (2.0.2)

PLATFORMS
  ruby
  x86_64-darwin-17

DEPENDENCIES
  activeadmin (~> 1.0.0.pre5)
  activerecord-import
  admin_mailer!
  appsignal
  awesome_print
  better_errors
  binding_of_caller
  bio
  bioSummarizer!
  bootstrap-kaminari-views
  bootstrap-sass
  cancan
  capistrano
  capistrano-bundler
  capistrano-rails
  chemoSummarizer!
  cite_this!
  coffee-rails (~> 4.0.0)
  data-wrangler!
  elasticsearch
  elf!
  engtagger
  facter
  factory_girl_rails
  faraday
  google-analytics-rails
  grape
  gsl
  guard
  guard-minitest
  guard-rails
  hashie (~> 3.3.1)
  http
  inherited_resources
  jbuilder (~> 2.0)
  jquery-rails
  jquery-turbolinks
  kaminari
  kmeans-clusterer
  libv8 (~> 6.3.0)
  mechanize
  metbuilder!
  mini_racer
  minitest-rails
  mocha
  moldbi!
  mysql2 (~> 0.4.9)
  paperclip
  parallel
  progress_bar
  puma (< 5.0.0)
  puma_worker_killer
  quiet_assets
  rails (~> 4.2.11.1)
  railties
  ransack (>= 1.8.7)
  rb-fchange
  rb-fsevent
  rb-inotify
  redis-rails
  rest-client
  rubyzip
  sass (~> 3.4)
  sass-rails
  select2-rails
  seq_search!
  shoulda
  similarity-NS!
  slim
  spring
  string-similarity
  syncfast!
  synonym_cleaner!
  terminal-notifier-guard
  tmic_banner!
  treat
  turbolinks
  uglifier (>= 1.3.0)
  unearth!
  webrat
  whenever
  will_paginate
  wishart!
  zip

RUBY VERSION
   ruby 2.3.0p0

BUNDLED WITH
   1.17.3
